PATH
  remote: ..
  specs:
    rubelm (0.0.1)
      opal
      opal-browser
      opal-sprockets

GEM
  remote: https://rubygems.org/
  specs:
    ast (2.4.0)
    concurrent-ruby (1.1.4)
    hike (1.2.3)
    opal (0.11.4)
      ast (>= 2.3.0)
      hike (~> 1.2)
      parser (= 2.3.3.1)
      sourcemap (~> 0.1.0)
    opal-browser (0.2.0)
      opal
      paggio
    opal-sprockets (0.4.2.0.11.0.3.1)
      opal (~> 0.11.0)
      sprockets (~> 3.1)
      tilt (>= 1.4)
    paggio (0.2.6)
    parser (2.3.3.1)
      ast (~> 2.2)
    rack (2.0.6)
    sourcemap (0.1.1)
    sprockets (3.7.2)
      concurrent-ruby (~> 1.0)
      rack (> 1, < 3)
    tilt (2.0.9)

PLATFORMS
  ruby

DEPENDENCIES
  rubelm!

BUNDLED WITH
   1.17.2
